PATH
  remote: .
  specs:
    namenumber (0.0.1)

GEM
  remote: http://rubygems.org/
  specs:
    rake (0.8.7)

PLATFORMS
  ruby

DEPENDENCIES
  namenumber!
  rake (< 0.9)
